GEM
  remote: https://rubygems.org/
  specs:
    aws-sdk-core (2.2.0)
      jmespath (~> 1.0)
    aws-sdk-resources (2.2.0)
      aws-sdk-core (= 2.2.0)
    blobstore_client (1.3177.0)
      aws-sdk-resources (= 2.2.0)
      bosh_common (~> 1.3177.0)
      httpclient (= 2.4.0)
      multi_json (~> 1.1)
    bosh-template (1.3177.0)
      semi_semantic (~> 1.1.0)
    bosh-workspace (0.9.9)
      bosh_cli (>= 1.2905.0)
      bosh_common (>= 1.2905.0)
      hashdiff (~> 0.2.1)
      membrane (~> 1.1.0)
      rugged (~> 0.24.0b11)
      semi_semantic (~> 1.1.0)
    bosh_cli (1.3177.0)
      blobstore_client (~> 1.3177.0)
      bosh-template (~> 1.3177.0)
      bosh_common (~> 1.3177.0)
      cf-uaa-lib (~> 3.2.1)
      highline (~> 1.6.2)
      httpclient (= 2.4.0)
      json_pure (~> 1.7)
      minitar (~> 0.5.4)
      net-scp (~> 1.1.0)
      net-ssh (= 2.9.2)
      net-ssh-gateway (~> 1.2.0)
      netaddr (~> 1.5.0)
      progressbar (~> 0.9.0)
      sshkey (~> 1.7.0)
      terminal-table (~> 1.4.3)
    bosh_common (1.3177.0)
      logging (~> 1.8.2)
      semi_semantic (~> 1.1.0)
    builder (3.2.2)
    cf-uaa-lib (3.2.5)
      multi_json
    excon (0.45.4)
    fog-aws (0.1.1)
      fog-core (~> 1.27)
      fog-json (~> 1.0)
      fog-xml (~> 0.1)
      ipaddress (~> 0.8)
    fog-core (1.35.0)
      builder
      excon (~> 0.45)
      formatador (~> 0.2)
    fog-json (1.0.2)
      fog-core (~> 1.0)
      multi_json (~> 1.10)
    fog-xml (0.1.2)
      fog-core
      nokogiri (~> 1.5, >= 1.5.11)
    formatador (0.2.5)
    hashdiff (0.2.3)
    highline (1.6.21)
    httpclient (2.4.0)
    ipaddress (0.8.2)
    jmespath (1.1.3)
    json_pure (1.8.3)
    little-plugger (1.1.4)
    logging (1.8.2)
      little-plugger (>= 1.1.3)
      multi_json (>= 1.8.4)
    membrane (1.1.0)
    mini_portile2 (2.0.0)
    minitar (0.5.4)
    multi_json (1.11.2)
    net-scp (1.1.2)
      net-ssh (>= 2.6.5)
    net-ssh (2.9.2)
    net-ssh-gateway (1.2.0)
      net-ssh (>= 2.6.5)
    netaddr (1.5.0)
    nokogiri (1.6.7.1)
      mini_portile2 (~> 2.0.0.rc2)
    progressbar (0.9.2)
    rake (10.5.0)
    rugged (0.24.0b11)
    semi_semantic (1.1.0)
    sshkey (1.7.0)
    terminal-table (1.4.5)

PLATFORMS
  ruby

DEPENDENCIES
  bosh-workspace (~> 0.9.0)
  fog-aws (<= 0.1.1)
  rake

BUNDLED WITH
   1.11.2
